GEM
  remote: https://rubygems.org/
  specs:
    activemodel (8.0.1)
      activesupport (= 8.0.1)
    activesupport (8.0.1)
      base64
      benchmark (>= 0.3)
      bigdecimal
      concurrent-ruby (~> 1.0, >= 1.3.1)
      connection_pool (>= 2.2.5)
      drb
      i18n (>= 1.6, < 2)
      logger (>= 1.4.2)
      minitest (>= 5.1)
      securerandom (>= 0.3)
      tzinfo (~> 2.0, >= 2.0.5)
      uri (>= 0.13.1)
    anthropic (0.3.2)
      event_stream_parser (>= 0.3.0, < 2.0.0)
      faraday (>= 1)
      faraday-multipart (>= 1)
    base64 (0.2.0)
    benchmark (0.4.0)
    bigdecimal (3.1.9)
    climate_control (1.2.0)
    concurrent-ruby (1.3.4)
    connection_pool (2.4.1)
    date (3.4.1)
    debug (1.10.0)
      irb (~> 1.10)
      reline (>= 0.3.8)
    diff-lcs (1.5.1)
    drb (2.2.1)
    dry-core (1.1.0)
      concurrent-ruby (~> 1.0)
      logger
      zeitwerk (~> 2.6)
    dry-inflector (1.2.0)
    dry-logic (1.6.0)
      bigdecimal
      concurrent-ruby (~> 1.0)
      dry-core (~> 1.1)
      zeitwerk (~> 2.6)
    dry-types (1.7.2)
      bigdecimal (~> 3.0)
      concurrent-ruby (~> 1.0)
      dry-core (~> 1.0)
      dry-inflector (~> 1.0)
      dry-logic (~> 1.4)
      zeitwerk (~> 2.6)
    event_stream_parser (1.0.0)
    faraday (2.12.2)
      faraday-net_http (>= 2.0, < 3.5)
      json
      logger
    faraday-multipart (1.1.0)
      multipart-post (~> 2.0)
    faraday-net_http (3.4.0)
      net-http (>= 0.5.0)
    grape (2.2.0)
      activesupport (>= 6)
      dry-types (>= 1.1)
      mustermann-grape (~> 1.1.0)
      rack (>= 2)
      zeitwerk
    i18n (1.14.6)
      concurrent-ruby (~> 1.0)
    io-console (0.8.0)
    irb (1.14.3)
      rdoc (>= 4.0.0)
      reline (>= 0.4.2)
    json (2.9.1)
    logger (1.6.4)
    minitest (5.25.4)
    multipart-post (2.4.1)
    mustermann (3.0.3)
      ruby2_keywords (~> 0.0.1)
    mustermann-grape (1.1.0)
      mustermann (>= 1.0.0)
    net-http (0.6.0)
      uri
    nio4r (2.7.4)
    psych (5.2.2)
      date
      stringio
    puma (6.5.0)
      nio4r (~> 2.0)
    rack (3.1.8)
    rack-cors (2.0.2)
      rack (>= 2.0.0)
    rackup (2.2.1)
      rack (>= 3)
    rdoc (6.10.0)
      psych (>= 4.0.0)
    reline (0.6.0)
      io-console (~> 0.5)
    retryable (3.0.5)
    rspec (3.13.0)
      rspec-core (~> 3.13.0)
      rspec-expectations (~> 3.13.0)
      rspec-mocks (~> 3.13.0)
    rspec-core (3.13.2)
      rspec-support (~> 3.13.0)
    rspec-expectations (3.13.3)
      diff-lcs (>= 1.2.0, < 2.0)
      rspec-support (~> 3.13.0)
    rspec-mocks (3.13.2)
      diff-lcs (>= 1.2.0, < 2.0)
      rspec-support (~> 3.13.0)
    rspec-support (3.13.2)
    ruby2_keywords (0.0.5)
    securerandom (0.4.1)
    stringio (3.1.2)
    tzinfo (2.0.6)
      concurrent-ruby (~> 1.0)
    uri (1.0.2)
    zeitwerk (2.7.1)

PLATFORMS
  arm64-darwin-24
  ruby

DEPENDENCIES
  activemodel (~> 8.0)
  anthropic (~> 0.3.2)
  climate_control (~> 1.2)
  debug
  grape (~> 2.2.0)
  puma (~> 6.5)
  rack-cors (~> 2.0)
  rackup (~> 2.2)
  retryable (~> 3.0)
  rspec

BUNDLED WITH
   2.5.22
